PATH
  remote: .
  specs:
    domain_check (0.0.2)

GEM
  remote: https://rubygems.org/
  specs:
    ansi (1.4.3)
    rake (0.9.6)
    whois (3.1.2)

PLATFORMS
  ruby

DEPENDENCIES
  ansi
  bundler (~> 1.3)
  domain_check!
  rake
  whois
